PATH
  remote: ../rulers2
  specs:
    rulers2 (0.0.1)
      rack

GEM
  remote: https://rubygems.org/
  specs:
    rack (1.6.4)

PLATFORMS
  ruby

DEPENDENCIES
  rulers2!
