PATH
  remote: ../rulers2
  specs:
    rulers2 (0.0.1)
      erubis
      multi_json
      rack

GEM
  remote: https://rubygems.org/
  specs:
    celluloid (0.16.0)
      timers (~> 4.0.0)
    erubis (2.7.0)
    ffi (1.9.10)
    hitimes (1.2.3)
    listen (2.10.1)
      celluloid (~> 0.16.0)
      rb-fsevent (>= 0.9.3)
      rb-inotify (>= 0.9)
    multi_json (1.11.2)
    rack (1.6.4)
    rb-fsevent (0.9.6)
    rb-inotify (0.9.5)
      ffi (>= 0.5.0)
    rerun (0.10.0)
      listen (~> 2.7, >= 2.7.3)
    timers (4.0.4)
      hitimes

PLATFORMS
  ruby

DEPENDENCIES
  rerun
  rulers2!
